PATH
  remote: ../..
  specs:
    tabry (0.2.5)

GEM
  remote: https://rubygems.org/
  specs:

PLATFORMS
  ruby

DEPENDENCIES
  tabry!

BUNDLED WITH
   2.2.31
